GIT
  remote: git://github.com/mitchellh/vagrant.git
  revision: 217b0c9eaa378e2beba09ab9e9f3322ff0799dcc
  specs:
    vagrant (1.8.2.dev)
      bundler (>= 1.5.2, <= 1.10.6)
      childprocess (~> 0.5.0)
      erubis (~> 2.7.0)
      hashicorp-checkpoint (~> 0.1.1)
      i18n (>= 0.6.0, <= 0.8.0)
      listen (~> 3.0.2)
      log4r (~> 1.1.9, < 1.1.11)
      net-scp (~> 1.1.0)
      net-sftp (~> 2.1)
      net-ssh (~> 3.0.1)
      nokogiri (= 1.6.3.1)
      rb-kqueue (~> 0.2.0)
      rest-client (>= 1.6.0, < 2.0)
      wdm (~> 0.1.0)
      winrm (~> 1.3)
      winrm-fs (~> 0.2.2)

PATH
  remote: .
  specs:
    vagrant-vcloudair (0.5.3)
      awesome_print (~> 1.2.0)
      httpclient (~> 2.3.4.1)
      i18n (~> 0.6.4)
      log4r (~> 1.1.10)
      netaddr (~> 1.5.0)
      nokogiri (~> 1.6)
      ruby-progressbar (~> 1.1.1)
      terminal-table (~> 1.4.5)

GEM
  remote: http://rubygems.org/
  specs:
    awesome_print (1.2.0)
    builder (3.2.2)
    childprocess (0.5.9)
      ffi (~> 1.0, >= 1.0.11)
    diff-lcs (1.1.3)
    domain_name (0.5.20160128)
      unf (>= 0.0.5, < 1.0.0)
    erubis (2.7.0)
    ffi (1.9.10)
    gssapi (1.2.0)
      ffi (>= 1.0.1)
    gyoku (1.3.1)
      builder (>= 2.1.2)
    hashicorp-checkpoint (0.1.4)
    http-cookie (1.0.2)
      domain_name (~> 0.5)
    httpclient (2.3.4.1)
    i18n (0.6.11)
    listen (3.0.5)
      rb-fsevent (>= 0.9.3)
      rb-inotify (>= 0.9)
    little-plugger (1.1.4)
    log4r (1.1.10)
    logging (1.8.2)
      little-plugger (>= 1.1.3)
      multi_json (>= 1.8.4)
    mime-types (2.99)
    mini_portile (0.6.0)
    multi_json (1.11.2)
    net-scp (1.1.2)
      net-ssh (>= 2.6.5)
    net-sftp (2.1.2)
      net-ssh (>= 2.6.5)
    net-ssh (3.0.2)
    netaddr (1.5.1)
    netrc (0.11.0)
    nokogiri (1.6.3.1)
      mini_portile (= 0.6.0)
    nori (2.6.0)
    rake (10.5.0)
    rb-fsevent (0.9.7)
    rb-inotify (0.9.5)
      ffi (>= 0.5.0)
    rb-kqueue (0.2.4)
      ffi (>= 0.5.0)
    rest-client (1.8.0)
      http-cookie (>= 1.0.2, < 2.0)
      mime-types (>= 1.16, < 3.0)
      netrc (~> 0.7)
    rspec-core (2.12.2)
    rspec-expectations (2.12.1)
      diff-lcs (~> 1.1.3)
    rspec-mocks (2.12.2)
    ruby-progressbar (1.1.1)
    rubyntlm (0.4.0)
    rubyzip (1.1.7)
    terminal-table (1.4.5)
    unf (0.1.4)
      unf_ext
    unf_ext (0.0.7.2)
    uuidtools (2.1.5)
    wdm (0.1.1)
    winrm (1.3.6)
      builder (>= 2.1.2)
      gssapi (~> 1.2)
      gyoku (~> 1.0)
      httpclient (~> 2.2, >= 2.2.0.2)
      logging (>= 1.6.1, < 3.0)
      nori (~> 2.0)
      rubyntlm (~> 0.4.0)
      uuidtools (~> 2.1.2)
    winrm-fs (0.2.3)
      erubis (~> 2.7)
      logging (~> 1.6, >= 1.6.1)
      rubyzip (~> 1.1)
      winrm (~> 1.3.0)

PLATFORMS
  ruby

DEPENDENCIES
  rake
  rspec-core (~> 2.12.2)
  rspec-expectations (~> 2.12.1)
  rspec-mocks (~> 2.12.1)
  vagrant!
  vagrant-vcloudair!

BUNDLED WITH
   1.10.6
